PATH
  remote: .
  specs:
    supercarrier (0.0.1)
      git (~> 1.2.5)
      heroku-api (~> 0.3.0)
      trollop (~> 2.0.0)

GEM
  remote: https://rubygems.org/
  specs:
    diff-lcs (1.2.2)
    excon (0.20.1)
    git (1.2.5)
    heroku-api (0.3.9)
      excon (~> 0.20.1)
    rspec (2.13.0)
      rspec-core (~> 2.13.0)
      rspec-expectations (~> 2.13.0)
      rspec-mocks (~> 2.13.0)
    rspec-core (2.13.1)
    rspec-expectations (2.13.0)
      diff-lcs (>= 1.1.3, < 2.0)
    rspec-mocks (2.13.0)
    trollop (2.0)

PLATFORMS
  ruby

DEPENDENCIES
  rspec (~> 2.13.0)
  supercarrier!
